GIT
  remote: https://github.com/Healthicity/http_api.git
  revision: cc2d2d565f07a42ed4c50a1fb0ba778992e8dfb0
  tag: 1.2.0
  specs:
    http_api (1.0.0)
      activesupport
      http (~> 3.3)

PATH
  remote: .
  specs:
    one_login (1.0.0)

GEM
  remote: https://rubygems.org/
  specs:
    activesupport (6.1.6.1)
      concurrent-ruby (~> 1.0, >= 1.0.2)
      i18n (>= 1.6, < 2)
      minitest (>= 5.1)
      tzinfo (~> 2.0)
      zeitwerk (~> 2.3)
    addressable (2.8.0)
      public_suffix (>= 2.0.2, < 5.0)
    concurrent-ruby (1.1.10)
    crack (0.4.5)
      rexml
    domain_name (0.5.20190701)
      unf (>= 0.0.5, < 1.0.0)
    hashdiff (1.0.1)
    http (3.3.0)
      addressable (~> 2.3)
      http-cookie (~> 1.0)
      http-form_data (~> 2.0)
      http_parser.rb (~> 0.6.0)
    http-cookie (1.0.5)
      domain_name (~> 0.5)
    http-form_data (2.3.0)
    http_parser.rb (0.6.0)
    i18n (1.12.0)
      concurrent-ruby (~> 1.0)
    minitest (5.16.2)
    power_assert (2.0.1)
    public_suffix (4.0.7)
    rake (12.3.3)
    rexml (3.2.5)
    test-unit (3.5.3)
      power_assert
    tzinfo (2.0.5)
      concurrent-ruby (~> 1.0)
    unf (0.1.4)
      unf_ext
    unf_ext (0.0.8.2)
    webmock (3.14.0)
      addressable (>= 2.8.0)
      crack (>= 0.3.2)
      hashdiff (>= 0.4.0, < 2.0.0)
    zeitwerk (2.6.0)

PLATFORMS
  ruby

DEPENDENCIES
  http_api!
  one_login!
  rake (~> 12)
  test-unit
  webmock (~> 3)

BUNDLED WITH
   1.17.3
